GEM
  remote: http://rubygems.org/
  specs:
    ZenTest (4.6.2)
    autotest (4.4.6)
      ZenTest (>= 4.4.1)
    diff-lcs (1.1.3)
    facter (1.6.2)
    puppet (0.25.5)
      facter (>= 1.5.1)
    puppet-module (0.3.4)
    rspec (2.7.0)
      rspec-core (~> 2.7.0)
      rspec-expectations (~> 2.7.0)
      rspec-mocks (~> 2.7.0)
    rspec-core (2.7.1)
    rspec-expectations (2.7.0)
      diff-lcs (~> 1.1.2)
    rspec-mocks (2.7.0)

PLATFORMS
  ruby

DEPENDENCIES
  autotest (~> 4.4.6)
  puppet (= 0.25.5)
  puppet-module (~> 0.3.4)
  rspec (~> 2.7.0)
