GEM
  remote: http://rubygems.org/
  specs:
    diff-lcs (1.1.3)
    facter (1.6.2)
    puppet (0.25.5)
      facter (>= 1.5.1)
    puppet-module (0.3.4)
    rake (0.9.2.2)
    rspec (2.8.0)
      rspec-core (~> 2.8.0)
      rspec-expectations (~> 2.8.0)
      rspec-mocks (~> 2.8.0)
    rspec-core (2.8.0)
    rspec-expectations (2.8.0)
      diff-lcs (~> 1.1.2)
    rspec-mocks (2.8.0)

PLATFORMS
  ruby

DEPENDENCIES
  puppet (= 0.25.5)
  puppet-module (~> 0.3.4)
  rake (~> 0.9.2.2)
  rspec (~> 2.8.0)
